GIT
  remote: https://github.com/ifad/data-confirm-modal
  revision: 52b12473bb110e2437b06e262b0435741ceac75c
  specs:
    data-confirm-modal (1.6.2)
      railties (>= 3.0)

GEM
  remote: https://rubygems.org/
  specs:
    actionmailer (4.2.7.1)
      actionpack (= 4.2.7.1)
      actionview (= 4.2.7.1)
      activejob (= 4.2.7.1)
      mail (~> 2.5, >= 2.5.4)
      rails-dom-testing (~> 1.0, >= 1.0.5)
    actionpack (4.2.7.1)
      actionview (= 4.2.7.1)
      activesupport (= 4.2.7.1)
      rack (~> 1.6)
      rack-test (~> 0.6.2)
      rails-dom-testing (~> 1.0, >= 1.0.5)
      rails-html-sanitizer (~> 1.0, >= 1.0.2)
    actionview (4.2.7.1)
      activesupport (= 4.2.7.1)
      builder (~> 3.1)
      erubis (~> 2.7.0)
      rails-dom-testing (~> 1.0, >= 1.0.5)
      rails-html-sanitizer (~> 1.0, >= 1.0.2)
    active_model_serializers (0.9.5)
      activemodel (>= 3.2)
    activejob (4.2.7.1)
      activesupport (= 4.2.7.1)
      globalid (>= 0.3.0)
    activemodel (4.2.7.1)
      activesupport (= 4.2.7.1)
      builder (~> 3.1)
    activerecord (4.2.7.1)
      activemodel (= 4.2.7.1)
      activesupport (= 4.2.7.1)
      arel (~> 6.0)
    activesupport (4.2.7.1)
      i18n (~> 0.7)
      json (~> 1.7, >= 1.7.7)
      minitest (~> 5.1)
      thread_safe (~> 0.3, >= 0.3.4)
      tzinfo (~> 1.1)
    addressable (2.8.1)
      public_suffix (>= 2.0.2, < 6.0)
    ajax-datatables-rails (0.3.1)
      railties (>= 3.1)
    akami (1.3.1)
      gyoku (>= 0.4.0)
      nokogiri
    arel (6.0.4)
    autoprefixer-rails (9.6.1.1)
      execjs
    bcrypt (3.1.20)
    better_errors (2.5.1)
      coderay (>= 1.0.0)
      erubi (>= 1.0.0)
      rack (>= 0.9.0)
    binding_of_caller (0.8.0)
      debug_inspector (>= 0.0.1)
    bootstrap-sass (3.3.7)
      autoprefixer-rails (>= 5.2.1)
      sass (>= 3.3.4)
    brakeman (4.4.0)
    builder (3.2.4)
    byebug (10.0.2)
    capybara (2.18.0)
      addressable
      mini_mime (>= 0.1.3)
      nokogiri (>= 1.3.3)
      rack (>= 1.0.0)
      rack-test (>= 0.5.4)
      xpath (>= 2.0, < 4.0)
    chartkick (3.2.1)
    childprocess (0.9.0)
      ffi (~> 1.0, >= 1.0.11)
    chronic (0.10.2)
    coderay (1.1.2)
    coffee-rails (4.1.1)
      coffee-script (>= 2.2.0)
      railties (>= 4.0.0, < 5.1.x)
    coffee-script (2.4.1)
      coffee-script-source
      execjs
    coffee-script-source (1.12.2)
    concurrent-ruby (1.1.10)
    countries (3.0.0)
      i18n_data (~> 0.8.0)
      sixarm_ruby_unaccent (~> 1.1)
      unicode_utils (~> 1.4)
    country_select (4.0.0)
      countries (~> 3.0)
      sort_alphabetical (~> 1.0)
    crass (1.0.6)
    daemons (1.3.1)
    database_cleaner (1.7.0)
    debug_inspector (0.0.3)
    devise (3.5.10)
      bcrypt (~> 3.0)
      orm_adapter (~> 0.1)
      railties (>= 3.2.6, < 5)
      responders
      thread_safe (~> 0.1)
      warden (~> 1.2.3)
    devise_security_extension (0.10.0)
      devise (>= 3.0.0, < 4.0)
      railties (>= 3.2.6, < 5.0)
    diff-lcs (1.3)
    docx_replace (1.2.0)
      rubyzip (~> 1.2, >= 1.2.1)
    domain_name (0.5.20180417)
      unf (>= 0.0.5, < 1.0.0)
    erubi (1.8.0)
    erubis (2.7.0)
    eventmachine (1.2.7)
    execjs (2.7.0)
    factory_bot (4.11.1)
      activesupport (>= 3.0.0)
    factory_bot_rails (4.11.1)
      factory_bot (~> 4.11.1)
      railties (>= 3.0.0)
    faker (1.9.1)
      i18n (>= 0.7)
    ffi (1.11.1)
    font-awesome-sass (4.7.0)
      sass (>= 3.2)
    globalid (0.4.2)
      activesupport (>= 4.2.0)
    groupdate (4.1.1)
      activesupport (>= 4.2)
    gyoku (1.3.1)
      builder (>= 2.1.2)
    http-cookie (1.0.3)
      domain_name (~> 0.5)
    httpi (2.4.4)
      rack
      socksify
    i18n (0.9.5)
      concurrent-ruby (~> 1.0)
    i18n_data (0.8.0)
    jbuilder (2.8.0)
      activesupport (>= 4.2.0)
      multi_json (>= 1.2)
    jquery-datatables-rails (3.4.0)
      actionpack (>= 3.1)
      jquery-rails
      railties (>= 3.1)
      sass-rails
    jquery-rails (4.2.2)
      rails-dom-testing (>= 1, < 3)
      railties (>= 4.2.0)
      thor (>= 0.14, < 2.0)
    jquery-turbolinks (2.1.0)
      railties (>= 3.1.0)
      turbolinks
    jquery-ui-rails (5.0.5)
      railties (>= 3.2.16)
    json (1.8.6)
    kaminari (1.1.1)
      activesupport (>= 4.1.0)
      kaminari-actionview (= 1.1.1)
      kaminari-activerecord (= 1.1.1)
      kaminari-core (= 1.1.1)
    kaminari-actionview (1.1.1)
      actionview
      kaminari-core (= 1.1.1)
    kaminari-activerecord (1.1.1)
      activerecord
      kaminari-core (= 1.1.1)
    kaminari-core (1.1.1)
    launchy (2.4.3)
      addressable (~> 2.3)
    loofah (2.2.3)
      crass (~> 1.0.2)
      nokogiri (>= 1.5.9)
    mail (2.7.1)
      mini_mime (>= 0.1.1)
    mime-types (2.99.3)
    mina (1.0.7)
      open4 (~> 1.3.4)
      rake
    mina-whenever (1.0.0)
      mina (~> 1.0.0)
    mini_magick (4.9.5)
    mini_mime (1.0.1)
    mini_portile2 (2.1.0)
    minitest (5.15.0)
    multi_json (1.13.1)
    netrc (0.11.0)
    nokogiri (1.7.0.1)
      mini_portile2 (~> 2.1.0)
    nori (2.6.0)
    open4 (1.3.4)
    orm_adapter (0.5.0)
    pdf-core (0.6.1)
    pesel (0.9.0)
    pg (0.20.0)
    prawn (2.1.0)
      pdf-core (~> 0.6.1)
      ttfunk (~> 1.4.0)
    prawn-table (0.2.2)
      prawn (>= 1.3.0, < 3.0.0)
    public_suffix (3.1.1)
    pundit (2.0.1)
      activesupport (>= 3.0.0)
    quiet_assets (1.1.0)
      railties (>= 3.1, < 5.0)
    rack (1.6.13)
    rack-cors (1.0.2)
    rack-protection (1.5.5)
      rack
    rack-test (0.6.3)
      rack (>= 1.0)
    rails (4.2.7.1)
      actionmailer (= 4.2.7.1)
      actionpack (= 4.2.7.1)
      actionview (= 4.2.7.1)
      activejob (= 4.2.7.1)
      activemodel (= 4.2.7.1)
      activerecord (= 4.2.7.1)
      activesupport (= 4.2.7.1)
      bundler (>= 1.3.0, < 2.0)
      railties (= 4.2.7.1)
      sprockets-rails
    rails-deprecated_sanitizer (1.0.4)
      activesupport (>= 4.2.0.alpha)
    rails-dom-testing (1.0.9)
      activesupport (>= 4.2.0, < 5.0)
      nokogiri (~> 1.6)
      rails-deprecated_sanitizer (>= 1.0.1)
    rails-html-sanitizer (1.0.4)
      loofah (~> 2.2, >= 2.2.2)
    rails_12factor (0.0.3)
      rails_serve_static_assets
      rails_stdout_logging
    rails_email_validator (0.1.4)
      activemodel (>= 3.0.0)
    rails_layout (1.0.42)
    rails_serve_static_assets (0.0.5)
    rails_stdout_logging (0.0.5)
    railties (4.2.7.1)
      actionpack (= 4.2.7.1)
      activesupport (= 4.2.7.1)
      rake (>= 0.8.7)
      thor (>= 0.18.1, < 2.0)
    rake (13.0.6)
    rb-fsevent (0.10.3)
    rb-inotify (0.10.0)
      ffi (~> 1.0)
    refile (0.6.2)
      mime-types
      rest-client (~> 1.8)
      sinatra (~> 1.4.5)
    refile-mini_magick (0.2.0)
      mini_magick (~> 4.0)
      refile (~> 0.5)
    refile-postgres (1.4.0)
      pg
      refile (~> 0.6.2)
    responders (2.4.1)
      actionpack (>= 4.2.0, < 6.0)
      railties (>= 4.2.0, < 6.0)
    rest-client (1.8.0)
      http-cookie (>= 1.0.2, < 2.0)
      mime-types (>= 1.16, < 3.0)
      netrc (~> 0.7)
    rspec-core (3.8.0)
      rspec-support (~> 3.8.0)
    rspec-expectations (3.8.2)
      diff-lcs (>= 1.2.0, < 2.0)
      rspec-support (~> 3.8.0)
    rspec-mocks (3.8.0)
      diff-lcs (>= 1.2.0, < 2.0)
      rspec-support (~> 3.8.0)
    rspec-rails (3.8.2)
      actionpack (>= 3.0)
      activesupport (>= 3.0)
      railties (>= 3.0)
      rspec-core (~> 3.8.0)
      rspec-expectations (~> 3.8.0)
      rspec-mocks (~> 3.8.0)
      rspec-support (~> 3.8.0)
    rspec-support (3.8.0)
    rubyzip (1.2.2)
    sass (3.7.4)
      sass-listen (~> 4.0.0)
    sass-listen (4.0.0)
      rb-fsevent (~> 0.9, >= 0.9.4)
      rb-inotify (~> 0.9, >= 0.9.7)
    sass-rails (5.0.7)
      railties (>= 4.0.0, < 6)
      sass (~> 3.1)
      sprockets (>= 2.8, < 4.0)
      sprockets-rails (>= 2.0, < 4.0)
      tilt (>= 1.1, < 3)
    savon (2.11.1)
      akami (~> 1.2)
      builder (>= 2.1.2)
      gyoku (~> 1.2)
      httpi (~> 2.3)
      nokogiri (>= 1.4.0)
      nori (~> 2.4)
      wasabi (~> 3.4)
    select2-rails (3.5.9.3)
      thor (~> 0.14)
    selenium-webdriver (3.141.0)
      childprocess (~> 0.5)
      rubyzip (~> 1.2, >= 1.2.2)
    shoulda-matchers (4.0.1)
      activesupport (>= 4.2.0)
    sinatra (1.4.8)
      rack (~> 1.5)
      rack-protection (~> 1.4)
      tilt (>= 1.3, < 3)
    sixarm_ruby_unaccent (1.2.0)
    socksify (1.7.1)
    sort_alphabetical (1.1.0)
      unicode_utils (>= 1.2.2)
    spring (2.0.2)
      activesupport (>= 4.2)
    spring-commands-rspec (1.0.4)
      spring (>= 0.9.1)
    sprockets (3.7.2)
      concurrent-ruby (~> 1.0)
      rack (> 1, < 3)
    sprockets-rails (3.2.1)
      actionpack (>= 4.0)
      activesupport (>= 4.0)
      sprockets (>= 3.0.0)
    swagger_engine (0.0.3)
    thin (1.7.2)
      daemons (~> 1.0, >= 1.0.9)
      eventmachine (~> 1.0, >= 1.0.4)
      rack (>= 1, < 3)
    thor (0.20.3)
    thread_safe (0.3.6)
    tilt (2.0.9)
    ttfunk (1.4.0)
    turbolinks (2.5.3)
      coffee-rails
    tzinfo (1.2.11)
      thread_safe (~> 0.1)
    uglifier (4.1.20)
      execjs (>= 0.3.0, < 3)
    unf (0.1.4)
      unf_ext
    unf_ext (0.0.7.5)
    unicode_utils (1.4.0)
    warden (1.2.7)
      rack (>= 1.0)
    wasabi (3.5.0)
      httpi (~> 2.0)
      nokogiri (>= 1.4.2)
    web-console (3.3.0)
      activemodel (>= 4.2)
      debug_inspector
      railties (>= 4.2)
    whenever (0.9.7)
      chronic (>= 0.6.3)
    xpath (2.1.0)
      nokogiri (~> 1.3)

PLATFORMS
  ruby

DEPENDENCIES
  active_model_serializers (= 0.9.5)
  ajax-datatables-rails (= 0.3.1)
  better_errors
  binding_of_caller
  bootstrap-sass (= 3.3.7)
  brakeman
  byebug
  capybara
  chartkick
  coffee-rails (~> 4.1.0)
  country_select (~> 4.0)
  data-confirm-modal!
  database_cleaner
  devise (= 3.5.10)
  devise_security_extension (= 0.10.0)
  docx_replace
  factory_bot_rails
  faker
  font-awesome-sass (= 4.7.0)
  groupdate
  jbuilder (~> 2.0)
  jquery-datatables-rails (= 3.4.0)
  jquery-rails (= 4.2.2)
  jquery-turbolinks (= 2.1.0)
  jquery-ui-rails (~> 5.0.2)
  kaminari
  launchy
  loofah (= 2.2.3)
  mina (= 1.0.7)
  mina-whenever (= 1.0.0)
  mini_magick (>= 4.9.4)
  nokogiri (= 1.7.0.1)
  pesel
  pg (= 0.20)
  prawn (= 2.1.0)
  prawn-table (= 0.2.2)
  pundit
  quiet_assets
  rack-cors
  rails (= 4.2.7.1)
  rails-html-sanitizer (= 1.0.4)
  rails_12factor
  rails_email_validator
  rails_layout
  refile (= 0.6.2)
  refile-mini_magick (= 0.2.0)
  refile-postgres (~> 1.4.0)
  rspec-rails
  sass-rails (~> 5.0)
  savon (= 2.11.1)
  select2-rails (= 3.5.9.3)
  selenium-webdriver
  shoulda-matchers
  spring
  spring-commands-rspec
  swagger_engine
  thin
  turbolinks (= 2.5.3)
  uglifier (>= 1.3.0)
  web-console
  whenever (= 0.9.7)

RUBY VERSION
   ruby 2.2.3p173

BUNDLED WITH
   1.16.6
